GEM
  remote: https://rubygems.org/
  specs:
    atk (3.1.8)
      glib2 (= 3.1.8)
    byebug (9.0.6)
    cairo (1.15.9)
      native-package-installer (>= 1.0.3)
      pkg-config (>= 1.2.2)
    cairo-gobject (3.1.8)
      cairo
      glib2 (= 3.1.8)
    exiv2 (0.0.8)
    gdk3 (3.1.8)
      cairo-gobject (= 3.1.8)
      gdk_pixbuf2 (= 3.1.8)
      gobject-introspection (= 3.1.8)
      pango (= 3.1.8)
    gdk_pixbuf2 (3.1.8)
      gio2 (= 3.1.8)
    gio2 (3.1.8)
      glib2 (= 3.1.8)
      gobject-introspection (= 3.1.8)
    glib2 (3.1.8)
      native-package-installer (>= 1.0.3)
      pkg-config (>= 1.2.2)
    gobject-introspection (3.1.8)
      glib2 (= 3.1.8)
    gtk3 (3.1.8)
      atk (= 3.1.8)
      gdk3 (= 3.1.8)
      gdk_pixbuf2 (= 3.1.8)
      gio2 (= 3.1.8)
      glib2 (= 3.1.8)
      gobject-introspection (= 3.1.8)
      pango (= 3.1.8)
    mini_portile2 (2.2.0)
    native-package-installer (1.0.4)
    nokogiri (1.8.0)
      mini_portile2 (~> 2.2.0)
    pango (3.1.8)
      cairo (>= 1.14.0)
      cairo-gobject (= 3.1.8)
      gobject-introspection (= 3.1.8)
    pkg-config (1.2.3)
    pratt_parser (0.1.2)
    sequel (4.48.0)
    sqlite3 (1.3.13)
    trollop (2.1.2)

PLATFORMS
  ruby

DEPENDENCIES
  byebug
  exiv2
  gtk3
  nokogiri
  pratt_parser
  sequel
  sqlite3
  trollop

BUNDLED WITH
   1.14.4
