GEM
  remote: https://rubygems.org/
  specs:
    atk (3.4.1)
      glib2 (= 3.4.1)
    byebug (11.0.1)
    cairo (1.16.4)
      native-package-installer (>= 1.0.3)
      pkg-config (>= 1.2.2)
    cairo-gobject (3.4.1)
      cairo (>= 1.16.2)
      glib2 (= 3.4.1)
    exiv2 (0.0.9)
    gdk3 (3.4.1)
      cairo-gobject (= 3.4.1)
      gdk_pixbuf2 (= 3.4.1)
      pango (= 3.4.1)
    gdk_pixbuf2 (3.4.1)
      gio2 (= 3.4.1)
    gio2 (3.4.1)
      gobject-introspection (= 3.4.1)
    glib2 (3.4.1)
      native-package-installer (>= 1.0.3)
      pkg-config (>= 1.3.5)
    gobject-introspection (3.4.1)
      glib2 (= 3.4.1)
    gtk3 (3.4.1)
      atk (= 3.4.1)
      gdk3 (= 3.4.1)
      gdk_pixbuf2 (= 3.4.1)
      gio2 (= 3.4.1)
      pango (= 3.4.1)
    mini_portile2 (2.4.0)
    native-package-installer (1.0.8)
    nokogiri (1.10.4)
      mini_portile2 (~> 2.4.0)
    optimist (3.0.0)
    pango (3.4.1)
      cairo-gobject (= 3.4.1)
      gobject-introspection (= 3.4.1)
    pkg-config (1.4.0)
    pratt_parser (0.1.2)
    sequel (5.25.0)
    sqlite3 (1.4.1)

PLATFORMS
  ruby

DEPENDENCIES
  byebug
  exiv2
  gtk3
  nokogiri
  optimist
  pratt_parser
  sequel
  sqlite3

BUNDLED WITH
   1.17.3
