GEM
  remote: https://rubygems.org/
  specs:
    addressable (2.4.0)
    atk (3.0.8)
      glib2 (= 3.0.8)
    bcrypt (3.1.11)
    bcrypt-ruby (3.1.5)
      bcrypt (>= 3.1.3)
    byebug (9.0.5)
    cairo (1.15.2)
      pkg-config (>= 1.1.5)
    cairo-gobject (3.0.8)
      cairo
      glib2 (= 3.0.8)
    data_mapper (1.2.0)
      dm-aggregates (~> 1.2.0)
      dm-constraints (~> 1.2.0)
      dm-core (~> 1.2.0)
      dm-migrations (~> 1.2.0)
      dm-serializer (~> 1.2.0)
      dm-timestamps (~> 1.2.0)
      dm-transactions (~> 1.2.0)
      dm-types (~> 1.2.0)
      dm-validations (~> 1.2.0)
    data_objects (0.10.17)
      addressable (~> 2.1)
    dm-aggregates (1.2.0)
      dm-core (~> 1.2.0)
    dm-constraints (1.2.0)
      dm-core (~> 1.2.0)
    dm-core (1.2.1)
      addressable (~> 2.3)
    dm-do-adapter (1.2.0)
      data_objects (~> 0.10.6)
      dm-core (~> 1.2.0)
    dm-migrations (1.2.0)
      dm-core (~> 1.2.0)
    dm-serializer (1.2.2)
      dm-core (~> 1.2.0)
      fastercsv (~> 1.5)
      json (~> 1.6)
      json_pure (~> 1.6)
      multi_json (~> 1.0)
    dm-sqlite-adapter (1.2.0)
      dm-do-adapter (~> 1.2.0)
      do_sqlite3 (~> 0.10.6)
    dm-timestamps (1.2.0)
      dm-core (~> 1.2.0)
    dm-transactions (1.2.0)
      dm-core (~> 1.2.0)
    dm-types (1.2.2)
      bcrypt-ruby (~> 3.0)
      dm-core (~> 1.2.0)
      fastercsv (~> 1.5)
      json (~> 1.6)
      multi_json (~> 1.0)
      stringex (~> 1.4)
      uuidtools (~> 2.1)
    dm-validations (1.2.0)
      dm-core (~> 1.2.0)
    do_sqlite3 (0.10.17)
      data_objects (= 0.10.17)
    fastercsv (1.5.5)
    gdk3 (3.0.8)
      cairo-gobject (= 3.0.8)
      gdk_pixbuf2 (= 3.0.8)
      gobject-introspection (= 3.0.8)
      pango (= 3.0.8)
    gdk_pixbuf2 (3.0.8)
      glib2 (= 3.0.8)
    gio2 (3.0.8)
      glib2 (= 3.0.8)
      gobject-introspection (= 3.0.8)
    glib2 (3.0.8)
      pkg-config
    gobject-introspection (3.0.8)
      glib2 (= 3.0.8)
    gtk3 (3.0.8)
      atk (= 3.0.8)
      gdk3 (= 3.0.8)
      gdk_pixbuf2 (= 3.0.8)
      gio2 (= 3.0.8)
      glib2 (= 3.0.8)
      gobject-introspection (= 3.0.8)
      pango (= 3.0.8)
    json (1.8.3)
    json_pure (1.8.3)
    multi_json (1.12.1)
    pango (3.0.8)
      cairo (>= 1.14.0)
      glib2 (= 3.0.8)
    pkg-config (1.1.7)
    stringex (1.5.1)
    uuidtools (2.1.5)

PLATFORMS
  ruby

DEPENDENCIES
  byebug
  data_mapper
  dm-sqlite-adapter
  gtk3

BUNDLED WITH
   1.12.1
