GEM
  remote: https://rubygems.org/
  specs:
    atk (3.3.0)
      glib2 (= 3.3.0)
    byebug (10.0.2)
    cairo (1.16.2)
      native-package-installer (>= 1.0.3)
      pkg-config (>= 1.2.2)
    cairo-gobject (3.3.0)
      cairo (>= 1.16.1)
      glib2 (= 3.3.0)
    exiv2 (0.0.8)
    gdk3 (3.3.0)
      cairo-gobject (= 3.3.0)
      gdk_pixbuf2 (= 3.3.0)
      pango (= 3.3.0)
    gdk_pixbuf2 (3.3.0)
      gio2 (= 3.3.0)
    gio2 (3.3.0)
      glib2 (= 3.3.0)
      gobject-introspection (= 3.3.0)
    glib2 (3.3.0)
      native-package-installer (>= 1.0.3)
      pkg-config (>= 1.2.2)
    gobject-introspection (3.3.0)
      glib2 (= 3.3.0)
    gtk3 (3.3.0)
      atk (= 3.3.0)
      gdk3 (= 3.3.0)
      gdk_pixbuf2 (= 3.3.0)
      gio2 (= 3.3.0)
      pango (= 3.3.0)
    mini_portile2 (2.3.0)
    native-package-installer (1.0.6)
    nokogiri (1.8.5)
      mini_portile2 (~> 2.3.0)
    pango (3.3.0)
      cairo-gobject (= 3.3.0)
      gobject-introspection (= 3.3.0)
    pkg-config (1.3.2)
    pratt_parser (0.1.2)
    sequel (5.14.0)
    sqlite3 (1.3.13)
    trollop (2.9.9)

PLATFORMS
  ruby

DEPENDENCIES
  byebug
  exiv2
  gtk3
  nokogiri
  pratt_parser
  sequel
  sqlite3
  trollop

BUNDLED WITH
   1.16.6
