GEM
  remote: https://rubygems.org/
  specs:
    atk (3.1.1)
      glib2 (= 3.1.1)
    byebug (9.0.6)
    cairo (1.15.5)
      pkg-config (>= 1.1.5)
    cairo-gobject (3.1.1)
      cairo
      glib2 (= 3.1.1)
    exiv2 (0.0.8)
    gdk3 (3.1.1)
      cairo-gobject (= 3.1.1)
      gdk_pixbuf2 (= 3.1.1)
      gobject-introspection (= 3.1.1)
      pango (= 3.1.1)
    gdk_pixbuf2 (3.1.1)
      gio2 (= 3.1.1)
    gio2 (3.1.1)
      glib2 (= 3.1.1)
      gobject-introspection (= 3.1.1)
    glib2 (3.1.1)
      pkg-config
    gobject-introspection (3.1.1)
      glib2 (= 3.1.1)
    gtk3 (3.1.1)
      atk (= 3.1.1)
      gdk3 (= 3.1.1)
      gdk_pixbuf2 (= 3.1.1)
      gio2 (= 3.1.1)
      glib2 (= 3.1.1)
      gobject-introspection (= 3.1.1)
      pango (= 3.1.1)
    mini_portile2 (2.1.0)
    nokogiri (1.7.0.1)
      mini_portile2 (~> 2.1.0)
    pango (3.1.1)
      cairo (>= 1.14.0)
      glib2 (= 3.1.1)
    pkg-config (1.1.7)
    pratt_parser (0.1.2)
    sequel (4.43.0)
    sqlite3 (1.3.13)
    trollop (2.1.2)

PLATFORMS
  ruby

DEPENDENCIES
  byebug
  exiv2
  gtk3
  nokogiri
  pratt_parser
  sequel
  sqlite3
  trollop

BUNDLED WITH
   1.14.4
